NUGET
  remote: https://nuget.org/api/v2
  specs:
    Newtonsoft.Json (6.0.8)
    Owin (1.0)
    Spark (1.8.1.0)
    structuremap (3.1.5.154)
    Superscribe (0.4.4.16)
