NUGET
  remote: https://nuget.org/api/v2
  specs:
    BCrypt.Net (0.1.0)
    CSharpTest.Net.Collections (14.906.1403.1082)
    EasyHttp (1.6.75.0)
      JsonFx (>= 2.0.1209.2802)
    EventStore.Client (3.0.2)
    FluentCommandLineParser (1.4.2)
    FluentValidation (5.6.2.0)
    FubuCore (1.3.0.278)
    FubuCsProjFile (1.9.0.229)
      FubuCore (>= 1.0)
    HalClient.Net (1.0.5234.20357)
      Microsoft.AspNet.WebApi.Client (>= 5.1.1)
    HtmlTags (3.0.0.186)
    JsonFx (2.0.1209.2802)
    Microsoft.AspNet.WebApi.Client (5.2.3)
      Microsoft.Net.Http (>= 2.2.22) - framework: portable-wp80+win+net45+wp81+wpa81
      Newtonsoft.Json (>= 6.0.4) - framework: portable-wp80+win+net45+wp81+wpa81, >= net45
    Microsoft.Bcl (1.1.10)
      Microsoft.Bcl.Build (>= 1.0.14)
    Microsoft.Bcl.Async (1.0.168) - framework: >= net40 < net45
      Microsoft.Bcl (>= 1.1.8)
    Microsoft.Bcl.Build (1.0.21)
    Microsoft.CodeAnalysis.Analyzers (1.0.0)
    Microsoft.CodeAnalysis.Common (1.0.0)
      Microsoft.CodeAnalysis.Analyzers (1.0.0)
      System.Collections.Immutable (>= 1.1.36)
      System.Reflection.Metadata (>= 1.0.21)
    Microsoft.CodeAnalysis.CSharp (1.0.0)
      Microsoft.CodeAnalysis.Common (1.0.0)
    Microsoft.Net.Http (2.2.29) - framework: portable-wp80+win+net45+wp81+wpa81
      Microsoft.Bcl (>= 1.1.10)
      Microsoft.Bcl.Build (>= 1.0.14)
    Microsoft.Owin (3.0.1)
      Owin (>= 1.0)
    Microsoft.Owin.Diagnostics (3.0.1)
      Microsoft.Owin (>= 3.0.1)
      Owin (>= 1.0)
    Microsoft.Owin.Host.HttpListener (3.0.1)
    Microsoft.Owin.Host.SystemWeb (3.0.1)
      Microsoft.Owin (>= 3.0.1)
      Owin (>= 1.0)
    Microsoft.Owin.Hosting (3.0.1)
      Microsoft.Owin (>= 3.0.1)
      Owin (>= 1.0)
    Microsoft.Owin.SelfHost (3.0.1)
      Microsoft.Owin (>= 3.0.1)
      Microsoft.Owin.Diagnostics (>= 3.0.1)
      Microsoft.Owin.Host.HttpListener (>= 3.0.1)
      Microsoft.Owin.Hosting (>= 3.0.1)
      Owin (>= 1.0)
    Newtonsoft.Json (7.0.1)
    NLog (4.0.1)
    Owin (1.0)
    RavenDB.Client (3.0.3690)
    RavenDB.Client.Authorization (3.0.3690)
      RavenDB.Client (3.0.3690)
    Rx-Core (2.2.5)
      Rx-Interfaces (>= 2.2.5)
    Rx-Interfaces (2.2.5)
    Rx-Linq (2.2.5)
      Rx-Core (>= 2.2.5)
      Rx-Interfaces (>= 2.2.5)
    Rx-Main (2.2.5)
      Rx-Core (>= 2.2.5)
      Rx-Interfaces (>= 2.2.5)
      Rx-Linq (>= 2.2.5)
      Rx-PlatformServices (>= 2.2.5)
    Rx-PlatformServices (2.2.5)
      Rx-Core (>= 2.2.5)
      Rx-Interfaces (>= 2.2.5)
    Spark (1.8.1.0)
    StackExchange.Redis (1.0.481)
      Microsoft.Bcl (>= 1.1.9) - framework: >= net40 < net45
      Microsoft.Bcl.Async (>= 1.0.168) - framework: >= net40 < net45
    structuremap (3.1.6.186)
    Superscribe (0.4.4.16)
    System.Collections.Immutable (1.1.36)
    System.Reflection.Metadata (1.0.21)
      System.Collections.Immutable (>= 1.1.36)
    Topshelf (3.2.0)
