NUGET
  remote: https://nuget.org/api/v2
  specs:
    EventStore.Client (3.0.2)
    FluentCommandLineParser (1.4.2)
    FubuCore (1.3.0.278)
    FubuCsProjFile (1.9.0.229)
      FubuCore (>= 1.0)
    HtmlTags (3.0.0.186)
    Microsoft.Bcl (1.1.10) - framework: >= net40 < net45
      Microsoft.Bcl.Build (>= 1.0.14)
    Microsoft.Bcl.Async (1.0.168) - framework: >= net40 < net45
      Microsoft.Bcl (>= 1.1.8)
    Microsoft.Bcl.Build (1.0.21)
    Microsoft.CodeAnalysis.Analyzers (1.0.0-rc3)
    Microsoft.CodeAnalysis.Common (1.0.0-rc3)
      Microsoft.CodeAnalysis.Analyzers (1.0.0-rc3)
      System.Collections.Immutable (>= 1.1.36)
      System.Reflection.Metadata (>= 1.0.21)
    Microsoft.CodeAnalysis.CSharp (1.0.0-rc3)
      Microsoft.CodeAnalysis.Common (1.0.0-rc3)
    Microsoft.Owin (3.0.1)
      Owin (>= 1.0)
    Microsoft.Owin.Diagnostics (3.0.1)
      Microsoft.Owin (>= 3.0.1)
      Owin (>= 1.0)
    Microsoft.Owin.Host.HttpListener (3.0.1)
    Microsoft.Owin.Host.SystemWeb (3.0.1)
      Microsoft.Owin (>= 3.0.1)
      Owin (>= 1.0)
    Microsoft.Owin.Hosting (3.0.1)
      Microsoft.Owin (>= 3.0.1)
      Owin (>= 1.0)
    Microsoft.Owin.SelfHost (3.0.1)
      Microsoft.Owin (>= 3.0.1)
      Microsoft.Owin.Diagnostics (>= 3.0.1)
      Microsoft.Owin.Host.HttpListener (>= 3.0.1)
      Microsoft.Owin.Hosting (>= 3.0.1)
      Owin (>= 1.0)
    Newtonsoft.Json (7.0.1)
    Owin (1.0)
    RavenDB.Client (3.0.3690)
    RavenDB.Client.Authorization (3.0.3690)
      RavenDB.Client (3.0.3690)
    Rx-Core (2.2.5)
      Rx-Interfaces (>= 2.2.5)
    Rx-Interfaces (2.2.5)
    Rx-Linq (2.2.5)
      Rx-Core (>= 2.2.5)
      Rx-Interfaces (>= 2.2.5)
    Rx-Main (2.2.5)
      Rx-Core (>= 2.2.5)
      Rx-Interfaces (>= 2.2.5)
      Rx-Linq (>= 2.2.5)
      Rx-PlatformServices (>= 2.2.5)
    Rx-PlatformServices (2.2.5)
      Rx-Core (>= 2.2.5)
      Rx-Interfaces (>= 2.2.5)
    Spark (1.8.1.0)
    StackExchange.Redis (1.0.450)
      Microsoft.Bcl (>= 1.1.9) - framework: >= net40 < net45
      Microsoft.Bcl.Async (>= 1.0.168) - framework: >= net40 < net45
    structuremap (3.1.5.154)
    Superscribe (0.4.4.16)
    System.Collections.Immutable (1.1.36)
    System.Reflection.Metadata (1.0.21)
      System.Collections.Immutable (>= 1.1.36)
    Topshelf (3.2.0)
