NUGET
  remote: https://nuget.org/api/v2
  specs:
    EventStore.Client (3.0.2)
    FluentCommandLineParser (1.4.1)
    Microsoft.CodeAnalysis.Analyzers (1.0.0-rc2)
    Microsoft.CodeAnalysis.Common (1.0.0-rc2)
      Microsoft.CodeAnalysis.Analyzers (1.0.0-rc2)
      System.Collections.Immutable (1.1.33-beta)
      System.Reflection.Metadata (1.0.18-beta)
    Microsoft.CodeAnalysis.CSharp (1.0.0-rc2)
      Microsoft.CodeAnalysis.Common (1.0.0-rc2)
    Microsoft.Owin (3.0.1)
      Owin (>= 1.0)
    Microsoft.Owin.Diagnostics (3.0.1)
      Microsoft.Owin (>= 3.0.1)
      Owin (>= 1.0)
    Microsoft.Owin.Host.HttpListener (3.0.1)
    Microsoft.Owin.Host.SystemWeb (3.0.1)
      Microsoft.Owin (>= 3.0.1)
      Owin (>= 1.0)
    Microsoft.Owin.Hosting (3.0.1)
      Microsoft.Owin (>= 3.0.1)
      Owin (>= 1.0)
    Microsoft.Owin.SelfHost (3.0.1)
      Microsoft.Owin (>= 3.0.1)
      Microsoft.Owin.Diagnostics (>= 3.0.1)
      Microsoft.Owin.Host.HttpListener (>= 3.0.1)
      Microsoft.Owin.Hosting (>= 3.0.1)
      Owin (>= 1.0)
    Newtonsoft.Json (6.0.8)
    Owin (1.0)
    RavenDB.Client (3.0.3660)
    Rx-Core (2.2.5)
      Rx-Interfaces (>= 2.2.5)
    Rx-Interfaces (2.2.5)
    Rx-Linq (2.2.5)
      Rx-Core (>= 2.2.5)
      Rx-Interfaces (>= 2.2.5)
    Rx-Main (2.2.5)
      Rx-Core (>= 2.2.5)
      Rx-Interfaces (>= 2.2.5)
      Rx-Linq (>= 2.2.5)
      Rx-PlatformServices (>= 2.2.5)
    Rx-PlatformServices (2.2.5)
      Rx-Core (>= 2.2.5)
      Rx-Interfaces (>= 2.2.5)
    Spark (1.8.1.0)
    structuremap (3.1.5.154)
    Superscribe (0.4.4.16)
    System.Collections.Immutable (1.1.33-beta)
    System.Reflection.Metadata (1.0.18-beta)
      System.Collections.Immutable (>= 1.1.33-beta)
    Topshelf (3.1.4)
